PATH
  remote: .
  specs:
    sorbet_operation (0.1.3)
      sorbet-runtime (~> 0.5.10741)

GEM
  remote: https://rubygems.org/
  specs:
    ansi (1.5.0)
    ast (2.4.3)
    benchmark (0.4.1)
    bigdecimal (3.2.3)
    builder (3.3.0)
    bundler-audit (0.9.2)
      bundler (>= 1.2.0, < 3)
      thor (~> 1.0)
    date (3.4.1)
    docile (1.4.1)
    erb (5.0.2)
    erubi (1.13.1)
    io-console (0.8.1)
    irb (1.15.2)
      pp (>= 0.6.0)
      rdoc (>= 4.0.0)
      reline (>= 0.4.2)
    json (2.15.0)
    language_server-protocol (3.17.0.5)
    lint_roller (1.1.0)
    logger (1.7.0)
    minitest (5.25.5)
    minitest-reporters (1.7.1)
      ansi
      builder
      minitest (>= 5.0)
      ruby-progressbar
    netrc (0.11.0)
    ostruct (0.6.3)
    parallel (1.27.0)
    parser (3.3.9.0)
      ast (~> 2.4.1)
      racc
    pp (0.6.2)
      prettyprint
    prettyprint (0.2.0)
    prism (1.5.1)
    psych (5.2.6)
      date
      stringio
    racc (1.8.1)
    rainbow (3.1.1)
    rake (13.3.0)
    rbi (0.3.6)
      prism (~> 1.0)
      rbs (>= 3.4.4)
    rbs (3.9.5)
      logger
    rdoc (6.14.2)
      erb
      psych (>= 4.0.0)
    regexp_parser (2.11.3)
    reline (0.6.2)
      io-console (~> 0.5)
    rexml (3.4.4)
    rubocop (1.80.2)
      json (~> 2.3)
      language_server-protocol (~> 3.17.0.2)
      lint_roller (~> 1.1.0)
      parallel (~> 1.10)
      parser (>= 3.3.0.2)
      rainbow (>= 2.2.2, < 4.0)
      regexp_parser (>= 2.9.3, < 3.0)
      rubocop-ast (>= 1.46.0, < 2.0)
      ruby-progressbar (~> 1.7)
      unicode-display_width (>= 2.4.0, < 4.0)
    rubocop-ast (1.47.1)
      parser (>= 3.3.7.2)
      prism (~> 1.4)
    rubocop-minitest (0.38.2)
      lint_roller (~> 1.1)
      rubocop (>= 1.75.0, < 2.0)
      rubocop-ast (>= 1.38.0, < 2.0)
    rubocop-performance (1.26.0)
      lint_roller (~> 1.1)
      rubocop (>= 1.75.0, < 2.0)
      rubocop-ast (>= 1.44.0, < 2.0)
    rubocop-rake (0.7.1)
      lint_roller (~> 1.1)
      rubocop (>= 1.72.1)
    rubocop-shopify (2.17.1)
      rubocop (~> 1.62)
    rubocop-sorbet (0.10.5)
      lint_roller
      rubocop (>= 1.75.2)
    ruby-progressbar (1.13.0)
    simplecov (0.22.0)
      docile (~> 1.1)
      simplecov-html (~> 0.11)
      simplecov_json_formatter (~> 0.1)
    simplecov-html (0.13.2)
    simplecov_json_formatter (0.1.4)
    sorbet (0.5.12443)
      sorbet-static (= 0.5.12443)
    sorbet-runtime (0.5.12443)
    sorbet-static (0.5.12443-aarch64-linux)
    sorbet-static (0.5.12443-universal-darwin)
    sorbet-static (0.5.12443-x86_64-linux)
    sorbet-static-and-runtime (0.5.12443)
      sorbet (= 0.5.12443)
      sorbet-runtime (= 0.5.12443)
    spoom (1.6.3)
      erubi (>= 1.10.0)
      prism (>= 0.28.0)
      rbi (>= 0.3.3)
      rexml (>= 3.2.6)
      sorbet-static-and-runtime (>= 0.5.10187)
      thor (>= 0.19.2)
    stringio (3.1.7)
    tapioca (0.16.11)
      benchmark
      bundler (>= 2.2.25)
      netrc (>= 0.11.0)
      parallel (>= 1.21.0)
      rbi (~> 0.2)
      sorbet-static-and-runtime (>= 0.5.11087)
      spoom (>= 1.2.0)
      thor (>= 1.2.0)
      yard-sorbet
    thor (1.4.0)
    unicode-display_width (3.2.0)
      unicode-emoji (~> 4.1)
    unicode-emoji (4.1.0)
    yard (0.9.37)
    yard-sorbet (0.9.0)
      sorbet-runtime
      yard

PLATFORMS
  aarch64-linux
  arm64-darwin
  universal-darwin
  x86_64-linux

DEPENDENCIES
  benchmark
  bigdecimal
  bundler-audit
  irb
  minitest (~> 5.0)
  minitest-reporters (~> 1.4)
  ostruct
  rake (~> 13.0)
  rubocop
  rubocop-minitest
  rubocop-performance
  rubocop-rake
  rubocop-shopify
  rubocop-sorbet
  simplecov
  sorbet (~> 0.5.10736)
  sorbet_operation!
  tapioca
  yard
  yard-sorbet

CHECKSUMS
  ansi (1.5.0) sha256=5408253274e33d9d27d4a98c46d2998266fd51cba58a7eb9d08f50e57ed23592
  ast (2.4.3) sha256=954615157c1d6a382bc27d690d973195e79db7f55e9765ac7c481c60bdb4d383
  benchmark (0.4.1) sha256=d4ef40037bba27f03b28013e219b950b82bace296549ec15a78016552f8d2cce
  bigdecimal (3.2.3) sha256=ffd11d1ac67a0d3b2f44aec0a6487210b3f813f363dd11f1fcccf5ba00da4e1b
  builder (3.3.0) sha256=497918d2f9dca528fdca4b88d84e4ef4387256d984b8154e9d5d3fe5a9c8835f
  bundler-audit (0.9.2) sha256=73051daa09865c436450a35c4d87ceef15f3f9777f4aad4fd015cc6f1f2b1048
  date (3.4.1) sha256=bf268e14ef7158009bfeaec40b5fa3c7271906e88b196d958a89d4b408abe64f
  docile (1.4.1) sha256=96159be799bfa73cdb721b840e9802126e4e03dfc26863db73647204c727f21e
  erb (5.0.2) sha256=d30f258143d4300fb4ecf430042ac12970c9bb4b33c974a545b8f58c1ec26c0f
  erubi (1.13.1) sha256=a082103b0885dbc5ecf1172fede897f9ebdb745a4b97a5e8dc63953db1ee4ad9
  io-console (0.8.1) sha256=1e15440a6b2f67b6ea496df7c474ed62c860ad11237f29b3bd187f054b925fcb
  irb (1.15.2) sha256=222f32952e278da34b58ffe45e8634bf4afc2dc7aa9da23fed67e581aa50fdba
  json (2.15.0) sha256=bc24d490a1d81bcbf6b45ee5c02695545d4ed37f679cee879b789a2bbb53ad5c
  language_server-protocol (3.17.0.5) sha256=fd1e39a51a28bf3eec959379985a72e296e9f9acfce46f6a79d31ca8760803cc
  lint_roller (1.1.0) sha256=2c0c845b632a7d172cb849cc90c1bce937a28c5c8ccccb50dfd46a485003cc87
  logger (1.7.0) sha256=196edec7cc44b66cfb40f9755ce11b392f21f7967696af15d274dde7edff0203
  minitest (5.25.5) sha256=391b6c6cb43a4802bfb7c93af1ebe2ac66a210293f4a3fb7db36f2fc7dc2c756
  minitest-reporters (1.7.1) sha256=5060413a0c95b8c32fe73e0606f3631c173a884d7900e50013e15094eb50562c
  netrc (0.11.0) sha256=de1ce33da8c99ab1d97871726cba75151113f117146becbe45aa85cb3dabee3f
  ostruct (0.6.3) sha256=95a2ed4a4bd1d190784e666b47b2d3f078e4a9efda2fccf18f84ddc6538ed912
  parallel (1.27.0) sha256=4ac151e1806b755fb4e2dc2332cbf0e54f2e24ba821ff2d3dcf86bf6dc4ae130
  parser (3.3.9.0) sha256=94d6929354b1a6e3e1f89d79d4d302cc8f5aa814431a6c9c7e0623335d7687f2
  pp (0.6.2) sha256=947ec3120c6f92195f8ee8aa25a7b2c5297bb106d83b41baa02983686577b6ff
  prettyprint (0.2.0) sha256=2bc9e15581a94742064a3cc8b0fb9d45aae3d03a1baa6ef80922627a0766f193
  prism (1.5.1) sha256=b40c1b76ccb9fcccc3d1553967cda6e79fa7274d8bfea0d98b15d27a6d187134
  psych (5.2.6) sha256=814328aa5dcb6d604d32126a20bc1cbcf05521a5b49dbb1a8b30a07e580f316e
  racc (1.8.1) sha256=4a7f6929691dbec8b5209a0b373bc2614882b55fc5d2e447a21aaa691303d62f
  rainbow (3.1.1) sha256=039491aa3a89f42efa1d6dec2fc4e62ede96eb6acd95e52f1ad581182b79bc6a
  rake (13.3.0) sha256=96f5092d786ff412c62fde76f793cc0541bd84d2eb579caa529aa8a059934493
  rbi (0.3.6) sha256=577e94ddd123d7c83794dd62c06c5f9bf32a22e9a3a0d2f9baf32f7c81b2b5fa
  rbs (3.9.5) sha256=eabaaf60aee84e38cbf94839c6e1b9cd145c7295fc3cc0e88c92e4069b1119b0
  rdoc (6.14.2) sha256=9fdd44df130f856ae70cc9a264dfd659b9b40de369b16581f4ab746e42439226
  regexp_parser (2.11.3) sha256=ca13f381a173b7a93450e53459075c9b76a10433caadcb2f1180f2c741fc55a4
  reline (0.6.2) sha256=1dad26a6008872d59c8e05244b119347c9f2ddaf4a53dce97856cd5f30a02846
  rexml (3.4.4) sha256=19e0a2c3425dfbf2d4fc1189747bdb2f849b6c5e74180401b15734bc97b5d142
  rubocop (1.80.2) sha256=6485f30fefcf5c199db3b91e5e253b1ef43f7e564784e2315255809a3dd9abf4
  rubocop-ast (1.47.1) sha256=592682017855408b046a8190689490763aecea175238232b1b526826349d01ae
  rubocop-minitest (0.38.2) sha256=5a9dfb5a538973d0601aa51e59637d3998bb8df81233edf1ff421504c6280068
  rubocop-performance (1.26.0) sha256=7bb0d9d9fb2ea122bf6f9a596dd7cf9dc93ab4950923d26c4ae4f328cef71ca9
  rubocop-rake (0.7.1) sha256=3797f2b6810c3e9df7376c26d5f44f3475eda59eb1adc38e6f62ecf027cbae4d
  rubocop-shopify (2.17.1) sha256=03850eb1a9c4d1f9f0ac1d8d5aa51bb47a149e532cfb5e8d02ac6a90c8800a5f
  rubocop-sorbet (0.10.5) sha256=221672c096616d908a06aadd5111bfaab6d3c990d2a1caf2714cdec6514f4795
  ruby-progressbar (1.13.0) sha256=80fc9c47a9b640d6834e0dc7b3c94c9df37f08cb072b7761e4a71e22cff29b33
  simplecov (0.22.0) sha256=fe2622c7834ff23b98066bb0a854284b2729a569ac659f82621fc22ef36213a5
  simplecov-html (0.13.2) sha256=bd0b8e54e7c2d7685927e8d6286466359b6f16b18cb0df47b508e8d73c777246
  simplecov_json_formatter (0.1.4) sha256=529418fbe8de1713ac2b2d612aa3daa56d316975d307244399fa4838c601b428
  sorbet (0.5.12443) sha256=9c52595b75f544284eee5e536f2ff86b7dfa370072227c56297e972bfdb28e6c
  sorbet-runtime (0.5.12443) sha256=95a3667e2f2410857bca9952de98b88185b7e266c48e42ef4c6d2dc3fa73a6cc
  sorbet-static (0.5.12443-aarch64-linux) sha256=418342d8925fa75285c73760e237dcb42994373d2d5f3b0bd7dcbdfb3f6dadbb
  sorbet-static (0.5.12443-universal-darwin) sha256=99d0b9d5371ec9d449880154008d8b0aa1854c646ff83cdf1d7a29cda978d494
  sorbet-static (0.5.12443-x86_64-linux) sha256=92915e823d312af2bd958f0700e529b5afd041492c6527198a2b60045f5a9e98
  sorbet-static-and-runtime (0.5.12443) sha256=88ddf016cb6f238b14cc3c6d5324299e45f5957c9b1bae9c9509f864272ae2ea
  sorbet_operation (0.1.3)
  spoom (1.6.3) sha256=0d05a501a643a2e3cb75357583fcd0a400e92e05cd05a1bf1a08cda6d321d153
  stringio (3.1.7) sha256=5b78b7cb242a315fb4fca61a8255d62ec438f58da2b90be66048546ade4507fa
  tapioca (0.16.11) sha256=beeb388a5e2022ef8880cd24f57bc2acb59b65a4d5a6aa59bc1f10bc7b1eb1f7
  thor (1.4.0) sha256=8763e822ccb0f1d7bee88cde131b19a65606657b847cc7b7b4b82e772bcd8a3d
  unicode-display_width (3.2.0) sha256=0cdd96b5681a5949cdbc2c55e7b420facae74c4aaf9a9815eee1087cb1853c42
  unicode-emoji (4.1.0) sha256=4997d2d5df1ed4252f4830a9b6e86f932e2013fbff2182a9ce9ccabda4f325a5
  yard (0.9.37) sha256=a6e910399e78e613f80ba9add9ba7c394b1a935f083cccbef82903a3d2a26992
  yard-sorbet (0.9.0) sha256=03d1aa461b9e9c82b886919a13aa3e09fcf4d1852239d2967ed97e92723ffe21

BUNDLED WITH
   2.7.2
